GEM
  remote: http://rubygems.org/
  specs:
    daemons (1.1.9)
    eventmachine (1.0.3)
    impala (0.1.5)
      thrift (~> 0.9)
    rack (1.5.2)
    rack-protection (1.5.0)
      rack
    sinatra (1.4.2)
      rack (>= 1.5.2, ~> 1.5)
      rack-protection (~> 1.4)
      tilt (>= 1.3.4, ~> 1.3)
    thin (1.5.1)
      daemons (>= 1.0.9)
      eventmachine (>= 0.12.6)
      rack (>= 1.0.0)
    thrift (0.9.0)
    tilt (1.3.6)

PLATFORMS
  ruby

DEPENDENCIES
  impala
  sinatra
  thin
